GEM
  remote: https://rubygems.org/
  specs:
    minitest (5.14.2)
    minitest-rg (5.2.0)
      minitest (~> 5.0)

PLATFORMS
  ruby

DEPENDENCIES
  minitest
  minitest-rg

BUNDLED WITH
   2.1.4
